GEM
  remote: https://rubygems.org/
  specs:
    addressable (2.3.5)
    algorithms (0.6.1)
    daemons (1.1.9)
    em-websocket (0.3.8)
      addressable (>= 2.1.1)
      eventmachine (>= 0.12.9)
    em-zeromq (0.4.2)
      eventmachine (>= 1.0.0)
      ffi (>= 1.0.0)
      ffi-rzmq (~> 1.0.1)
    eventmachine (1.0.3)
    ffi (1.9.0)
    ffi-rzmq (1.0.3)
      ffi
    json (1.8.1)
    rack (1.4.5)
    rack-protection (1.5.0)
      rack
    sinatra (1.4.3)
      rack (~> 1.4)
      rack-protection (~> 1.4)
      tilt (~> 1.3, >= 1.3.4)
    sinatra-websocket (0.3.0)
      em-websocket (~> 0.3.6)
      eventmachine
      thin (>= 1.3.1)
    thin (1.6.1)
      daemons (>= 1.0.9)
      eventmachine (>= 1.0.0)
      rack (>= 1.0.0)
    tilt (1.4.1)
    zmq (2.1.4)

PLATFORMS
  ruby

DEPENDENCIES
  algorithms
  em-zeromq
  json
  sinatra
  sinatra-websocket
  zmq
